GEM
  remote: https://rubygems.org/
  specs:
    coderay (1.1.0)
    digest-crc (0.4.1)
    ffi (1.9.10)
    method_source (0.8.2)
    pry (0.10.1)
      coderay (~> 1.1.0)
      method_source (~> 0.8.1)
      slop (~> 3.4)
    rubyserial (0.2.4)
      ffi (~> 1.9.3)
    slop (3.6.0)

PLATFORMS
  ruby

DEPENDENCIES
  digest-crc
  pry
  rubyserial
