GEM
  remote: https://rubygems.org/
  specs:
    bit-struct (0.15.0)

PLATFORMS
  ruby

DEPENDENCIES
  bit-struct

BUNDLED WITH
   1.11.2
